GEM
  remote: https://rubygems.org/
  specs:
    asciidoctor (1.5.6)
    mustermann (1.0.0)
    rack (2.0.3)
    rack-protection (2.0.0)
      rack
    sinatra (2.0.0)
      mustermann (~> 1.0)
      rack (~> 2.0)
      rack-protection (= 2.0.0)
      tilt (~> 2.0)
    tilt (2.0.8)

PLATFORMS
  x64-mingw32

DEPENDENCIES
  asciidoctor
  sinatra

BUNDLED WITH
   1.15.3
